PATH
  remote: .
  specs:
    ruby_make_script (0.1.0)

GEM
  remote: https://rubygems.org/
  specs:
    equatable (0.6.1)
    minitest (5.14.1)
    pastel (0.7.4)
      equatable (~> 0.6)
      tty-color (~> 0.5)
    rake (10.5.0)
    tty-color (0.5.1)

PLATFORMS
  ruby

DEPENDENCIES
  bundler (~> 1.17)
  minitest (~> 5.0)
  pastel
  rake (~> 10.0)
  ruby_make_script!

BUNDLED WITH
   1.17.2
